GEM
  remote: http://rubygems.org/
  specs:
    addressable (2.2.6)
    coffee-script (2.2.0)
      coffee-script-source
      execjs
    coffee-script-source (1.1.2)
    execjs (1.2.9)
      multi_json (~> 1.0)
    heroku (2.11.0)
      launchy (>= 0.3.2)
      rest-client (~> 1.6.1)
      rubyzip
      term-ansicolor (~> 1.0.5)
    launchy (2.0.5)
      addressable (~> 2.2.6)
    libv8 (3.3.10.2)
    mime-types (1.17.2)
    multi_json (1.0.3)
    rest-client (1.6.7)
      mime-types (>= 1.16)
    rubyzip (0.9.4)
    term-ansicolor (1.0.7)
    therubyracer (0.9.8)
      libv8 (~> 3.3.10)
    uglifier (1.0.4)
      execjs (>= 0.3.0)
      multi_json (>= 1.0.2)

PLATFORMS
  ruby

DEPENDENCIES
  coffee-script (= 2.2.0)
  coffee-script-source (= 1.1.2)
  execjs (= 1.2.9)
  heroku
  therubyracer (= 0.9.8)
  uglifier (= 1.0.4)
